GEM
  remote: https://rubygems.org/
  specs:
    activesupport (6.1.7.6)
      concurrent-ruby (~> 1.0, >= 1.0.2)
      i18n (>= 1.6, < 2)
      minitest (>= 5.1)
      tzinfo (~> 2.0)
      zeitwerk (~> 2.3)
    awesome_print (1.9.2)
    concurrent-ruby (1.2.2)
    i18n (1.14.1)
      concurrent-ruby (~> 1.0)
    minitest (5.19.0)
    tzinfo (2.0.6)
      concurrent-ruby (~> 1.0)
    zeitwerk (2.6.11)

PLATFORMS
  ruby

DEPENDENCIES
  activesupport
  awesome_print

BUNDLED WITH
   1.17.2
